GIT
  remote: http://github.com/jondot/Albacore.git
  revision: 1482f70afd109ce67c4f8cfef994d51c133ac5ae
  branch: dev
  specs:
    albacore (0.2.2)
      rake (>= 0.8.7)
      rubyzip (>= 0.9.4)

GEM
  remote: http://rubygems.org/
  remote: http://gemcutter.org/
  specs:
    rake (0.8.7)
    rubyzip (0.9.4)
    version_bumper (0.1.0)

PLATFORMS
  x86-mingw32

DEPENDENCIES
  albacore!
  version_bumper
